GEM
  remote: https://rubygems.org/
  specs:
    byebug (9.1.0)
    colorize (0.8.1)
    minitest (5.4.3)

PLATFORMS
  ruby

DEPENDENCIES
  byebug
  colorize
  minitest

BUNDLED WITH
   1.16.1
